GEM
  remote: https://rubygems.org/
  specs:
    activemodel (4.1.7)
      activesupport (= 4.1.7)
      builder (~> 3.1)
    activesupport (4.1.7)
      i18n (~> 0.6, >= 0.6.9)
      json (~> 1.7, >= 1.7.7)
      minitest (~> 5.1)
      thread_safe (~> 0.1)
      tzinfo (~> 1.1)
    builder (3.2.2)
    chronic (0.10.2)
    coderay (1.1.0)
    commander (4.1.5)
      highline (~> 1.6.11)
    diff-lcs (1.2.5)
    dotenv (1.0.2)
    faraday (0.9.0)
      multipart-post (>= 1.2, < 3)
    forecast_io (2.0.0)
      faraday
      hashie
      multi_json
    gelf (1.3.2)
      json
    geocoder (1.2.5)
    hashie (3.3.1)
    her (0.7.2)
      activemodel (>= 3.0.0, < 4.2)
      activesupport (>= 3.0.0, < 4.2)
      faraday (>= 0.8, < 1.0)
      multi_json (~> 1.7)
    highline (1.6.21)
    httparty (0.11.0)
      multi_json (~> 1.0)
      multi_xml (>= 0.5.2)
    i18n (0.6.11)
    json (1.7.7)
    method_source (0.8.2)
    minitar (0.5.4)
    minitest (5.4.2)
    multi_json (1.10.1)
    multi_xml (0.5.5)
    multipart-post (2.0.0)
    pry (0.10.1)
      coderay (~> 1.1.0)
      method_source (~> 0.8.1)
      slop (~> 3.4)
    quandl (0.4.4)
      chronic (= 0.10.2)
      commander (= 4.1.5)
      json (= 1.7.7)
      minitar (= 0.5.4)
      quandl_babelfish (= 0.0.11)
      quandl_client (= 2.10.2)
      quandl_data (= 1.5.1)
      quandl_format (= 0.5.1)
      quandl_logger (= 0.3.1)
      quandl_operation (= 0.4.1)
      thread (= 0.1.3)
      whedon (= 0.0.2)
    quandl_babelfish (0.0.11)
    quandl_client (2.10.2)
      activesupport (>= 3.0.0)
      her (~> 0.6)
      json (~> 1.7.7)
      quandl_data (~> 1.5)
      scope_composer (~> 0.3)
    quandl_data (1.5.1)
      activemodel (>= 3.0.0)
      quandl_babelfish (~> 0.0)
      quandl_operation (~> 0.4)
    quandl_format (0.5.1)
      quandl_client (~> 2.8)
    quandl_logger (0.3.1)
      activesupport (>= 3.0.0)
      gelf (~> 1.3.2)
    quandl_operation (0.4.1)
      activesupport (>= 3.0.0)
      quandl_logger (~> 0.3)
    rake (10.3.2)
    rspec (3.1.0)
      rspec-core (~> 3.1.0)
      rspec-expectations (~> 3.1.0)
      rspec-mocks (~> 3.1.0)
    rspec-core (3.1.7)
      rspec-support (~> 3.1.0)
    rspec-expectations (3.1.2)
      diff-lcs (>= 1.2.0, < 2.0)
      rspec-support (~> 3.1.0)
    rspec-mocks (3.1.3)
      rspec-support (~> 3.1.0)
    rspec-support (3.1.2)
    scope_composer (0.4.3)
      activesupport (>= 3.0.0)
    slop (3.6.0)
    thread (0.1.3)
    thread_safe (0.3.4)
    tzinfo (1.2.2)
      thread_safe (~> 0.1)
    vcr (2.9.3)
    whedon (0.0.2)
      tzinfo

PLATFORMS
  ruby

DEPENDENCIES
  dotenv
  forecast_io
  geocoder
  httparty
  pry
  quandl
  rake
  rspec
  vcr
